GEM
  remote: https://rubygems.org/
  specs:
    jruby-jars (9.1.15.0)
    jruby-rack (1.1.21)
    rack (1.6.4)
    rack-protection (1.5.3)
      rack
    rake (12.3.0)
    rubyzip (1.2.1)
    sinatra (1.4.6)
      rack (~> 1.4)
      rack-protection (~> 1.4)
      tilt (>= 1.3, < 3)
    tilt (2.0.1)
    warbler (2.0.4)
      jruby-jars (>= 9.0.0.0)
      jruby-rack (>= 1.1.1, < 1.3)
      rake (>= 10.1.0)
      rubyzip (~> 1.0, < 1.4)

PLATFORMS
  java
  ruby

DEPENDENCIES
  rack
  sinatra
  warbler (= 2.0.4)

BUNDLED WITH
   1.16.1
