GEM
  remote: https://rubygems.org/
  specs:
    concurrent-ruby (1.0.5-java)
    jruby-jars (9.1.15.0)
    jruby-rack (1.1.21)
    mustermann (1.0.2)
    rack (2.0.4)
    rack-protection (2.0.1)
      rack
    rake (12.3.0)
    rubyzip (1.2.1)
    sinatra (2.0.1)
      mustermann (~> 1.0)
      rack (~> 2.0)
      rack-protection (= 2.0.1)
      tilt (~> 2.0)
    tilt (2.0.8)
    warbler (2.0.4)
      jruby-jars (>= 9.0.0.0)
      jruby-rack (>= 1.1.1, < 1.3)
      rake (>= 10.1.0)
      rubyzip (~> 1.0, < 1.4)

PLATFORMS
  java

DEPENDENCIES
  concurrent-ruby
  rack
  sinatra
  warbler (= 2.0.4)

BUNDLED WITH
   1.16.1
